GEM
  remote: http://rubygems.org/
  specs:
    activesupport (4.1.1)
      i18n (~> 0.6, >= 0.6.9)
      json (~> 1.7, >= 1.7.7)
      minitest (~> 5.1)
      thread_safe (~> 0.1)
      tzinfo (~> 1.1)
    binding_of_caller (0.7.2)
      debug_inspector (>= 0.0.1)
    chronic (0.10.2)
    coderay (1.1.0)
    colorize (0.7.2)
    debug_inspector (0.0.2)
    faker (1.4.3)
      i18n (~> 0.5)
    htmlentities (4.3.1)
    i18n (0.6.9)
    json (1.8.1)
    method_source (0.8.2)
    mini_portile (0.5.3)
    minitest (5.3.3)
    nokogiri (1.6.1)
      mini_portile (~> 0.5.0)
    pry (0.9.12.6)
      coderay (~> 1.0)
      method_source (~> 0.8)
      slop (~> 3.4)
    pry-stack_explorer (0.4.9.1)
      binding_of_caller (>= 0.7)
      pry (>= 0.9.11)
    rack (1.5.2)
    radius (0.7.4)
    sanitize (2.1.0)
      nokogiri (>= 1.4.4)
    slop (3.5.0)
    thread_safe (0.3.3)
    tzinfo (1.1.0)
      thread_safe (~> 0.1)
    webrick (1.3.1)

PLATFORMS
  ruby

DEPENDENCIES
  activesupport
  chronic
  colorize
  faker (= 1.4.3)
  htmlentities
  nokogiri
  pry
  pry-stack_explorer
  rack
  radius
  sanitize
  webrick
